GEM
  remote: https://rubygems.org/
  specs:
    addressable (2.5.2)
      public_suffix (>= 2.0.2, < 4.0)
    ast (2.4.0)
    coderay (0.9.8)
    coolline (0.5.0)
      unicode_utils (~> 1.4)
    diff-lcs (1.3)
    ethon (0.11.0)
      ffi (>= 1.3.0)
    faraday (0.15.2)
      multipart-post (>= 1.2, < 3)
    ffi (1.9.25)
    method_source (0.6.7)
      ruby_parser (>= 2.3.1)
    multipart-post (2.0.0)
    mustermann (1.0.2)
    octokit (4.9.0)
      sawyer (~> 0.8.0, >= 0.5.3)
    parser (2.5.1.0)
      ast (~> 2.4.0)
    pry (0.9.7.4)
      coderay (~> 0.9.8)
      method_source (~> 0.6.7)
      ruby_parser (>= 2.3.1)
      slop (~> 2.1.0)
    pry-coolline (0.2.5)
      coolline (~> 0.5)
    pry-doc (0.12.0)
      pry (~> 0.9)
      yard (~> 0.9)
    pry-nav (0.0.4)
      pry (~> 0.9.7.4)
    public_suffix (3.0.2)
    rack (2.0.5)
    rack-protection (2.0.3)
      rack
    rspec (3.0.0)
      rspec-core (~> 3.0.0)
      rspec-expectations (~> 3.0.0)
      rspec-mocks (~> 3.0.0)
    rspec-core (3.0.4)
      rspec-support (~> 3.0.0)
    rspec-expectations (3.0.4)
      diff-lcs (>= 1.2.0, < 2.0)
      rspec-support (~> 3.0.0)
    rspec-mocks (3.0.4)
      rspec-support (~> 3.0.0)
    rspec-support (3.0.4)
    ruby_parser (3.11.0)
      sexp_processor (~> 4.9)
    sawyer (0.8.1)
      addressable (>= 2.3.5, < 2.6)
      faraday (~> 0.8, < 1.0)
    sexp_processor (4.11.0)
    sinatra (2.0.3)
      mustermann (~> 1.0)
      rack (~> 2.0)
      rack-protection (= 2.0.3)
      tilt (~> 2.0)
    slop (2.1.0)
    solargraph (0.17.4)
      bundler (~> 1.14)
      parser (~> 2.4)
      sinatra (~> 2)
      thor (~> 0.19, >= 0.19.4)
      yard (~> 0.9)
    thor (0.20.0)
    tilt (2.0.8)
    typhoeus (1.3.0)
      ethon (>= 0.9.0)
    unicode_utils (1.4.0)
    yard (0.9.14)

PLATFORMS
  ruby

DEPENDENCIES
  octokit
  pry
  pry-coolline
  pry-doc
  pry-nav
  rspec (~> 3.0.0)
  solargraph
  typhoeus

BUNDLED WITH
   1.16.1
